GEM
  remote: http://rubygems.org/
  specs:
    git (1.2.5)
    jeweler (1.5.0.pre3)
      bundler (~> 1.0.0)
      git (>= 1.2.5)
      rake
    rake (0.8.7)
    rcov (0.9.8)
    rspec (1.3.0)
    test-construct (1.2.0)
    thor (0.14.0)

PLATFORMS
  ruby

DEPENDENCIES
  bundler (>= 0.9.5)
  jeweler (>= 1.5.0.pre2)
  rake
  rcov
  rspec (>= 1.2.9)
  test-construct
  thor (>= 0.14.0)
